GEM
  remote: https://rubygems.org/
  specs:
    combine_pdf (1.0.16)
      ruby-rc4 (>= 0.1.5)
    ruby-rc4 (0.1.5)

PLATFORMS
  ruby

DEPENDENCIES
  combine_pdf

BUNDLED WITH
   2.1.4
